GEM
  remote: https://rubygems.org/
  specs:
    actioncable (8.0.2)
      actionpack (= 8.0.2)
      activesupport (= 8.0.2)
      nio4r (~> 2.0)
      websocket-driver (>= 0.6.1)
      zeitwerk (~> 2.6)
    actionmailbox (8.0.2)
      actionpack (= 8.0.2)
      activejob (= 8.0.2)
      activerecord (= 8.0.2)
      activestorage (= 8.0.2)
      activesupport (= 8.0.2)
      mail (>= 2.8.0)
    actionmailer (8.0.2)
      actionpack (= 8.0.2)
      actionview (= 8.0.2)
      activejob (= 8.0.2)
      activesupport (= 8.0.2)
      mail (>= 2.8.0)
      rails-dom-testing (~> 2.2)
    actionpack (8.0.2)
      actionview (= 8.0.2)
      activesupport (= 8.0.2)
      nokogiri (>= 1.8.5)
      rack (>= 2.2.4)
      rack-session (>= 1.0.1)
      rack-test (>= 0.6.3)
      rails-dom-testing (~> 2.2)
      rails-html-sanitizer (~> 1.6)
      useragent (~> 0.16)
    actiontext (8.0.2)
      actionpack (= 8.0.2)
      activerecord (= 8.0.2)
      activestorage (= 8.0.2)
      activesupport (= 8.0.2)
      globalid (>= 0.6.0)
      nokogiri (>= 1.8.5)
    actionview (8.0.2)
      activesupport (= 8.0.2)
      builder (~> 3.1)
      erubi (~> 1.11)
      rails-dom-testing (~> 2.2)
      rails-html-sanitizer (~> 1.6)
    activejob (8.0.2)
      activesupport (= 8.0.2)
      globalid (>= 0.3.6)
    activemodel (8.0.2)
      activesupport (= 8.0.2)
    activerecord (8.0.2)
      activemodel (= 8.0.2)
      activesupport (= 8.0.2)
      timeout (>= 0.4.0)
    activestorage (8.0.2)
      actionpack (= 8.0.2)
      activejob (= 8.0.2)
      activerecord (= 8.0.2)
      activesupport (= 8.0.2)
      marcel (~> 1.0)
    activesupport (8.0.2)
      base64
      benchmark (>= 0.3)
      bigdecimal
      concurrent-ruby (~> 1.0, >= 1.3.1)
      connection_pool (>= 2.2.5)
      drb
      i18n (>= 1.6, < 2)
      logger (>= 1.4.2)
      minitest (>= 5.1)
      securerandom (>= 0.3)
      tzinfo (~> 2.0, >= 2.0.5)
      uri (>= 0.13.1)
    addressable (2.8.7)
      public_suffix (>= 2.0.2, < 7.0)
    ast (2.4.3)
    axiom-types (0.1.1)
      descendants_tracker (~> 0.0.4)
      ice_nine (~> 0.11.0)
      thread_safe (~> 0.3, >= 0.3.1)
    base64 (0.3.0)
    bcrypt (3.1.20)
    bcrypt_pbkdf (1.1.1)
    benchmark (0.4.1)
    better_html (2.1.1)
      actionview (>= 6.0)
      activesupport (>= 6.0)
      ast (~> 2.0)
      erubi (~> 1.4)
      parser (>= 2.4)
      smart_properties
    bigdecimal (3.2.2)
    bindex (0.8.1)
    bootsnap (1.18.6)
      msgpack (~> 1.2)
    brakeman (7.0.2)
      racc
    builder (3.3.0)
    bundler-audit (0.9.2)
      bundler (>= 1.2.0, < 3)
      thor (~> 1.0)
    capybara (3.40.0)
      addressable
      matrix
      mini_mime (>= 0.1.3)
      nokogiri (~> 1.11)
      rack (>= 1.6.0)
      rack-test (>= 0.6.3)
      regexp_parser (>= 1.5, < 3.0)
      xpath (~> 3.2)
    carrierwave (3.1.2)
      activemodel (>= 6.0.0)
      activesupport (>= 6.0.0)
      addressable (~> 2.6)
      image_processing (~> 1.1)
      marcel (~> 1.0.0)
      ssrf_filter (~> 1.0)
    childprocess (5.1.0)
      logger (~> 1.5)
    coercible (1.0.0)
      descendants_tracker (~> 0.0.1)
    concurrent-ruby (1.3.5)
    connection_pool (2.5.3)
    coveralls (0.7.1)
      multi_json (~> 1.3)
      rest-client
      simplecov (>= 0.7)
      term-ansicolor
      thor
    crass (1.0.6)
    database_cleaner-active_record (2.2.1)
      activerecord (>= 5.a)
      database_cleaner-core (~> 2.0.0)
    database_cleaner-core (2.0.1)
    date (3.4.1)
    debug (1.10.0)
      irb (~> 1.10)
      reline (>= 0.3.8)
    descendants_tracker (0.0.4)
      thread_safe (~> 0.3, >= 0.3.1)
    devise (4.9.4)
      bcrypt (~> 3.0)
      orm_adapter (~> 0.1)
      railties (>= 4.1.0)
      responders
      warden (~> 1.2.3)
    devise-jwt (0.12.1)
      devise (~> 4.0)
      warden-jwt_auth (~> 0.10)
    diff-lcs (1.6.2)
    docile (1.4.1)
    domain_name (0.6.20240107)
    dotenv (3.1.8)
    drb (2.2.3)
    dry-auto_inject (1.1.0)
      dry-core (~> 1.1)
      zeitwerk (~> 2.6)
    dry-cli (1.2.0)
    dry-configurable (1.3.0)
      dry-core (~> 1.1)
      zeitwerk (~> 2.6)
    dry-core (1.1.0)
      concurrent-ruby (~> 1.0)
      logger
      zeitwerk (~> 2.6)
    dry-inflector (1.2.0)
    dry-initializer (3.2.0)
    dry-logic (1.6.0)
      bigdecimal
      concurrent-ruby (~> 1.0)
      dry-core (~> 1.1)
      zeitwerk (~> 2.6)
    dry-schema (1.14.1)
      concurrent-ruby (~> 1.0)
      dry-configurable (~> 1.0, >= 1.0.1)
      dry-core (~> 1.1)
      dry-initializer (~> 3.2)
      dry-logic (~> 1.5)
      dry-types (~> 1.8)
      zeitwerk (~> 2.6)
    dry-types (1.8.3)
      bigdecimal (~> 3.0)
      concurrent-ruby (~> 1.0)
      dry-core (~> 1.0)
      dry-inflector (~> 1.0)
      dry-logic (~> 1.4)
      zeitwerk (~> 2.6)
    ed25519 (1.4.0)
    erb (5.0.1)
    erb_lint (0.9.0)
      activesupport
      better_html (>= 2.0.1)
      parser (>= 2.7.1.4)
      rainbow
      rubocop (>= 1)
      smart_properties
    erubi (1.13.1)
    et-orbi (1.2.11)
      tzinfo
    factory_bot (6.5.3)
      activesupport (>= 6.1.0)
    factory_bot_rails (6.4.4)
      factory_bot (~> 6.5)
      railties (>= 5.0.0)
    faraday (2.13.1)
      faraday-net_http (>= 2.0, < 3.5)
      json
      logger
    faraday-net_http (3.4.0)
      net-http (>= 0.5.0)
    ffaker (2.24.0)
    ffi (1.17.2-aarch64-linux-gnu)
    ffi (1.17.2-aarch64-linux-musl)
    ffi (1.17.2-arm-linux-gnu)
    ffi (1.17.2-arm-linux-musl)
    ffi (1.17.2-arm64-darwin)
    ffi (1.17.2-x86_64-linux-gnu)
    ffi (1.17.2-x86_64-linux-musl)
    flay (2.13.3)
      erubi (~> 1.10)
      path_expander (~> 1.0)
      ruby_parser (~> 3.0)
      sexp_processor (~> 4.0)
    flog (4.8.0)
      path_expander (~> 1.0)
      ruby_parser (~> 3.1, > 3.1.0)
      sexp_processor (~> 4.8)
    fugit (1.11.1)
      et-orbi (~> 1, >= 1.2.11)
      raabro (~> 1.4)
    global_phone (1.0.1)
    globalid (1.2.1)
      activesupport (>= 6.1)
    haml (6.3.0)
      temple (>= 0.8.2)
      thor
      tilt
    haml_lint (0.62.0)
      haml (>= 5.0)
      parallel (~> 1.10)
      rainbow
      rubocop (>= 1.0)
      sysexits (~> 1.1)
    hamli (0.5.1)
      temple
    hashie (5.0.0)
    http-accept (1.7.0)
    http-cookie (1.0.8)
      domain_name (~> 0.5)
    i18n (1.14.7)
      concurrent-ruby (~> 1.0)
    ice_nine (0.11.2)
    image_processing (1.14.0)
      mini_magick (>= 4.9.5, < 6)
      ruby-vips (>= 2.0.17, < 3)
    io-console (0.8.0)
    irb (1.15.2)
      pp (>= 0.6.0)
      rdoc (>= 4.0.0)
      reline (>= 0.4.2)
    jbuilder (2.13.0)
      actionview (>= 5.0.0)
      activesupport (>= 5.0.0)
    json (2.12.2)
    jwt (2.10.1)
      base64
    kamal (2.6.1)
      activesupport (>= 7.0)
      base64 (~> 0.2)
      bcrypt_pbkdf (~> 1.0)
      concurrent-ruby (~> 1.2)
      dotenv (~> 3.1)
      ed25519 (~> 1.4)
      net-ssh (~> 7.3)
      sshkit (>= 1.23.0, < 2.0)
      thor (~> 1.3)
      zeitwerk (>= 2.6.18, < 3.0)
    language_server-protocol (3.17.0.5)
    launchy (3.1.1)
      addressable (~> 2.8)
      childprocess (~> 5.0)
      logger (~> 1.6)
    lint_roller (1.1.0)
    logger (1.7.0)
    loofah (2.24.1)
      crass (~> 1.0.2)
      nokogiri (>= 1.12.0)
    mail (2.8.1)
      mini_mime (>= 0.1.1)
      net-imap
      net-pop
      net-smtp
    marcel (1.0.4)
    matrix (0.4.2)
    mime-types (3.7.0)
      logger
      mime-types-data (~> 3.2025, >= 3.2025.0507)
    mime-types-data (3.2025.0617)
    mini_magick (5.2.0)
      benchmark
      logger
    mini_mime (1.1.5)
    minitest (5.25.5)
    msgpack (1.8.0)
    multi_json (1.15.0)
    multi_xml (0.7.2)
      bigdecimal (~> 3.1)
    mutex_m (0.3.0)
    net-http (0.6.0)
      uri
    net-imap (0.5.8)
      date
      net-protocol
    net-pop (0.1.2)
      net-protocol
    net-protocol (0.2.2)
      timeout
    net-scp (4.1.0)
      net-ssh (>= 2.6.5, < 8.0.0)
    net-sftp (4.0.0)
      net-ssh (>= 5.0.0, < 8.0.0)
    net-smtp (0.5.1)
      net-protocol
    net-ssh (7.3.0)
    netrc (0.11.0)
    nio4r (2.7.4)
    nokogiri (1.18.8-aarch64-linux-gnu)
      racc (~> 1.4)
    nokogiri (1.18.8-aarch64-linux-musl)
      racc (~> 1.4)
    nokogiri (1.18.8-arm-linux-gnu)
      racc (~> 1.4)
    nokogiri (1.18.8-arm-linux-musl)
      racc (~> 1.4)
    nokogiri (1.18.8-arm64-darwin)
      racc (~> 1.4)
    nokogiri (1.18.8-x86_64-linux-gnu)
      racc (~> 1.4)
    nokogiri (1.18.8-x86_64-linux-musl)
      racc (~> 1.4)
    oauth2 (2.0.12)
      faraday (>= 0.17.3, < 4.0)
      jwt (>= 1.0, < 4.0)
      logger (~> 1.2)
      multi_xml (~> 0.5)
      rack (>= 1.2, < 4)
      snaky_hash (~> 2.0, >= 2.0.3)
      version_gem (>= 1.1.8, < 3)
    omniauth (2.1.3)
      hashie (>= 3.4.6)
      rack (>= 2.2.3)
      rack-protection
    omniauth-facebook (10.0.0)
      bigdecimal
      omniauth-oauth2 (>= 1.2, < 3)
    omniauth-google-oauth2 (1.2.1)
      jwt (>= 2.9.2)
      oauth2 (~> 2.0)
      omniauth (~> 2.0)
      omniauth-oauth2 (~> 1.8)
    omniauth-oauth2 (1.8.0)
      oauth2 (>= 1.4, < 3)
      omniauth (~> 2.0)
    orm_adapter (0.5.0)
    ostruct (0.6.1)
    paper_trail (16.0.0)
      activerecord (>= 6.1)
      request_store (~> 1.4)
    parallel (1.27.0)
    parser (3.3.8.0)
      ast (~> 2.4.1)
      racc
    path_expander (1.1.3)
    pg (1.5.9)
    pp (0.6.2)
      prettyprint
    prettyprint (0.2.0)
    prism (1.4.0)
    propshaft (1.1.0)
      actionpack (>= 7.0.0)
      activesupport (>= 7.0.0)
      rack
      railties (>= 7.0.0)
    psych (5.2.6)
      date
      stringio
    public_suffix (6.0.2)
    puma (6.6.0)
      nio4r (~> 2.0)
    pundit (2.5.0)
      activesupport (>= 3.0.0)
    raabro (1.4.0)
    racc (1.8.1)
    rack (3.1.16)
    rack-protection (4.1.1)
      base64 (>= 0.1.0)
      logger (>= 1.6.0)
      rack (>= 3.0.0, < 4)
    rack-proxy (0.7.7)
      rack
    rack-session (2.1.1)
      base64 (>= 0.1.0)
      rack (>= 3.0.0)
    rack-test (2.2.0)
      rack (>= 1.3)
    rackup (2.2.1)
      rack (>= 3)
    rails (8.0.2)
      actioncable (= 8.0.2)
      actionmailbox (= 8.0.2)
      actionmailer (= 8.0.2)
      actionpack (= 8.0.2)
      actiontext (= 8.0.2)
      actionview (= 8.0.2)
      activejob (= 8.0.2)
      activemodel (= 8.0.2)
      activerecord (= 8.0.2)
      activestorage (= 8.0.2)
      activesupport (= 8.0.2)
      bundler (>= 1.15.0)
      railties (= 8.0.2)
    rails-dom-testing (2.3.0)
      activesupport (>= 5.0.0)
      minitest
      nokogiri (>= 1.6)
    rails-html-sanitizer (1.6.2)
      loofah (~> 2.21)
      nokogiri (>= 1.15.7, != 1.16.7, != 1.16.6, != 1.16.5, != 1.16.4, != 1.16.3, != 1.16.2, != 1.16.1, != 1.16.0.rc1, != 1.16.0)
    railties (8.0.2)
      actionpack (= 8.0.2)
      activesupport (= 8.0.2)
      irb (~> 1.13)
      rackup (>= 1.0.0)
      rake (>= 12.2)
      thor (~> 1.0, >= 1.2.2)
      zeitwerk (~> 2.6)
    rainbow (3.1.1)
    rake (13.3.0)
    rbs (3.9.4)
      logger
    rdoc (6.14.1)
      erb
      psych (>= 4.0.0)
    recaptcha (5.19.0)
    redis-client (0.24.0)
      connection_pool
    reek (6.5.0)
      dry-schema (~> 1.13)
      logger (~> 1.6)
      parser (~> 3.3.0)
      rainbow (>= 2.0, < 4.0)
      rexml (~> 3.1)
    regexp_parser (2.10.0)
    reline (0.6.1)
      io-console (~> 0.5)
    request_store (1.7.0)
      rack (>= 1.4)
    responders (3.1.1)
      actionpack (>= 5.2)
      railties (>= 5.2)
    rest-client (2.1.0)
      http-accept (>= 1.7.0, < 2.0)
      http-cookie (>= 1.0.2, < 2.0)
      mime-types (>= 1.16, < 4.0)
      netrc (~> 0.8)
    rexml (3.4.1)
    rspec-core (3.13.4)
      rspec-support (~> 3.13.0)
    rspec-expectations (3.13.5)
      diff-lcs (>= 1.2.0, < 2.0)
      rspec-support (~> 3.13.0)
    rspec-mocks (3.13.5)
      diff-lcs (>= 1.2.0, < 2.0)
      rspec-support (~> 3.13.0)
    rspec-rails (8.0.1)
      actionpack (>= 7.2)
      activesupport (>= 7.2)
      railties (>= 7.2)
      rspec-core (~> 3.13)
      rspec-expectations (~> 3.13)
      rspec-mocks (~> 3.13)
      rspec-support (~> 3.13)
    rspec-support (3.13.4)
    rubocop (1.76.0)
      json (~> 2.3)
      language_server-protocol (~> 3.17.0.2)
      lint_roller (~> 1.1.0)
      parallel (~> 1.10)
      parser (>= 3.3.0.2)
      rainbow (>= 2.2.2, < 4.0)
      regexp_parser (>= 2.9.3, < 3.0)
      rubocop-ast (>= 1.45.0, < 2.0)
      ruby-progressbar (~> 1.7)
      unicode-display_width (>= 2.4.0, < 4.0)
    rubocop-ast (1.45.0)
      parser (>= 3.3.7.2)
      prism (~> 1.4)
    rubocop-capybara (2.22.1)
      lint_roller (~> 1.1)
      rubocop (~> 1.72, >= 1.72.1)
    rubocop-erb (0.6.0)
      better_html
      lint_roller (~> 1.1)
      rubocop (~> 1.72, >= 1.72.1)
    rubocop-haml (0.3.1)
      hamli (~> 0.5)
      lint_roller (>= 1.1)
      rubocop (>= 1.72.1)
    rubocop-packaging (0.6.0)
      lint_roller (~> 1.1.0)
      rubocop (>= 1.72.1, < 2.0)
    rubocop-performance (1.25.0)
      lint_roller (~> 1.1)
      rubocop (>= 1.75.0, < 2.0)
      rubocop-ast (>= 1.38.0, < 2.0)
    rubocop-rails (2.32.0)
      activesupport (>= 4.2.0)
      lint_roller (~> 1.1)
      rack (>= 1.1)
      rubocop (>= 1.75.0, < 2.0)
      rubocop-ast (>= 1.44.0, < 2.0)
    rubocop-rails-omakase (1.1.0)
      rubocop (>= 1.72)
      rubocop-performance (>= 1.24)
      rubocop-rails (>= 2.30)
    rubocop-rspec (3.6.0)
      lint_roller (~> 1.1)
      rubocop (~> 1.72, >= 1.72.1)
    rubocop-rspec_rails (2.31.0)
      lint_roller (~> 1.1)
      rubocop (~> 1.72, >= 1.72.1)
      rubocop-rspec (~> 3.5)
    rubocop-shopify (2.17.0)
      rubocop (~> 1.62)
    rubocop-thread_safety (0.7.2)
      lint_roller (~> 1.1)
      rubocop (~> 1.72, >= 1.72.1)
    ruby-lsp (0.23.24)
      language_server-protocol (~> 3.17.0)
      prism (>= 1.2, < 2.0)
      rbs (>= 3, < 5)
      sorbet-runtime (>= 0.5.10782)
    ruby-progressbar (1.13.0)
    ruby-vips (2.2.4)
      ffi (~> 1.12)
      logger
    ruby_parser (3.21.1)
      racc (~> 1.5)
      sexp_processor (~> 4.16)
    rubycritic (4.9.0)
      flay (~> 2.13)
      flog (~> 4.7)
      launchy (>= 2.5.2)
      parser (>= 3.2.2.1)
      rainbow (~> 3.1.1)
      reek (~> 6.0, < 7.0)
      rexml
      ruby_parser (~> 3.20)
      simplecov (>= 0.22.0)
      tty-which (~> 0.5.0)
      virtus (~> 2.0)
    rubyzip (2.4.1)
    rufus-scheduler (3.9.2)
      fugit (~> 1.1, >= 1.11.1)
    securerandom (0.4.1)
    selenium-webdriver (4.33.0)
      base64 (~> 0.2)
      logger (~> 1.4)
      rexml (~> 3.2, >= 3.2.5)
      rubyzip (>= 1.2.2, < 3.0)
      websocket (~> 1.0)
    sentry-ruby (5.24.0)
      bigdecimal
      concurrent-ruby (~> 1.0, >= 1.0.2)
    sexp_processor (4.17.3)
    sidekiq (8.0.4)
      connection_pool (>= 2.5.0)
      json (>= 2.9.0)
      logger (>= 1.6.2)
      rack (>= 3.1.0)
      redis-client (>= 0.23.2)
    sidekiq-scheduler (6.0.1)
      rufus-scheduler (~> 3.2)
      sidekiq (>= 7.3, < 9)
    simple_form (5.3.1)
      actionpack (>= 5.2)
      activemodel (>= 5.2)
    simplecov (0.22.0)
      docile (~> 1.1)
      simplecov-html (~> 0.11)
      simplecov_json_formatter (~> 0.1)
    simplecov-html (0.13.1)
    simplecov_json_formatter (0.1.4)
    smart_properties (1.17.0)
    snaky_hash (2.0.3)
      hashie (>= 0.1.0, < 6)
      version_gem (>= 1.1.8, < 3)
    solid_cable (3.0.8)
      actioncable (>= 7.2)
      activejob (>= 7.2)
      activerecord (>= 7.2)
      railties (>= 7.2)
    solid_cache (1.0.7)
      activejob (>= 7.2)
      activerecord (>= 7.2)
      railties (>= 7.2)
    solid_queue (1.1.5)
      activejob (>= 7.1)
      activerecord (>= 7.1)
      concurrent-ruby (>= 1.3.1)
      fugit (~> 1.11.0)
      railties (>= 7.1)
      thor (~> 1.3.1)
    sorbet-runtime (0.5.12152)
    sshkit (1.24.0)
      base64
      logger
      net-scp (>= 1.1.2)
      net-sftp (>= 2.1.2)
      net-ssh (>= 2.8.0)
      ostruct
    ssrf_filter (1.3.0)
    stackprof (0.2.27)
    stimulus-rails (1.3.4)
      railties (>= 6.0.0)
    stringio (3.1.7)
    sync (0.5.0)
    sysexits (1.2.0)
    temple (0.10.3)
    term-ansicolor (1.11.2)
      tins (~> 1.0)
    thor (1.3.2)
    thread_safe (0.3.6)
    thruster (0.1.13)
    thruster (0.1.13-aarch64-linux)
    thruster (0.1.13-arm64-darwin)
    thruster (0.1.13-x86_64-linux)
    tilt (2.6.0)
    timeout (0.4.3)
    tins (1.38.0)
      bigdecimal
      sync
    tty-which (0.5.0)
    turbo-rails (2.0.13)
      actionpack (>= 7.1.0)
      railties (>= 7.1.0)
    tzinfo (2.0.6)
      concurrent-ruby (~> 1.0)
    unicode-display_width (3.1.4)
      unicode-emoji (~> 4.0, >= 4.0.4)
    unicode-emoji (4.0.4)
    uri (1.0.3)
    useragent (0.16.11)
    version_gem (1.1.8)
    virtus (2.0.0)
      axiom-types (~> 0.1)
      coercible (~> 1.0)
      descendants_tracker (~> 0.0, >= 0.0.3)
    vite_rails (3.0.19)
      railties (>= 5.1, < 9)
      vite_ruby (~> 3.0, >= 3.2.2)
    vite_ruby (3.9.2)
      dry-cli (>= 0.7, < 2)
      logger (~> 1.6)
      mutex_m
      rack-proxy (~> 0.6, >= 0.6.1)
      zeitwerk (~> 2.2)
    warden (1.2.9)
      rack (>= 2.0.9)
    warden-jwt_auth (0.11.0)
      dry-auto_inject (>= 0.8, < 2)
      dry-configurable (>= 0.13, < 2)
      jwt (~> 2.1)
      warden (~> 1.2)
    web-console (4.2.1)
      actionview (>= 6.0.0)
      activemodel (>= 6.0.0)
      bindex (>= 0.4.0)
      railties (>= 6.0.0)
    websocket (1.2.11)
    websocket-driver (0.8.0)
      base64
      websocket-extensions (>= 0.1.0)
    websocket-extensions (0.1.5)
    xpath (3.2.0)
      nokogiri (~> 1.8)
    yard (0.9.37)
    zeitwerk (2.7.3)

PLATFORMS
  aarch64-linux
  aarch64-linux-gnu
  aarch64-linux-musl
  arm-linux-gnu
  arm-linux-musl
  arm64-darwin-24
  x86_64-linux
  x86_64-linux-gnu
  x86_64-linux-musl

DEPENDENCIES
  bootsnap
  brakeman
  bundler-audit
  capybara
  carrierwave
  coveralls
  database_cleaner-active_record
  debug
  devise
  devise-jwt
  erb_lint
  factory_bot_rails
  ffaker
  global_phone
  haml_lint (~> 0.62.0)
  jbuilder
  kamal
  omniauth
  omniauth-facebook
  omniauth-google-oauth2
  paper_trail
  pg
  propshaft
  puma (>= 5.0)
  pundit
  rails (~> 8.0.2)
  recaptcha
  reek
  rspec-rails
  rubocop
  rubocop-capybara
  rubocop-erb
  rubocop-haml
  rubocop-packaging
  rubocop-performance
  rubocop-rails
  rubocop-rails-omakase
  rubocop-rspec_rails
  rubocop-shopify
  rubocop-thread_safety
  ruby-lsp
  rubycritic
  selenium-webdriver
  sentry-ruby
  sidekiq
  sidekiq-scheduler
  simple_form
  simplecov
  solid_cable
  solid_cache
  solid_queue
  stackprof
  stimulus-rails
  thruster
  turbo-rails
  tzinfo-data
  vite_rails
  web-console
  yard

BUNDLED WITH
   2.6.9
